GEM
  remote: https://rubygems.org/
  specs:
    mysql2 (0.3.18)

PLATFORMS
  ruby

DEPENDENCIES
  mysql2
